GEM
  remote: http://rubygems.org/
  remote: http://gems.github.com/
  specs:
    activesupport (2.3.14)
    archive-tar-minitar (0.5.2)
    bluecloth (2.2.0)
    builder (3.0.0)
    columnize (0.3.6)
    crack (0.3.1)
    cucumber (1.2.1)
      builder (>= 2.1.2)
      diff-lcs (>= 1.1.3)
      gherkin (~> 2.11.0)
      json (>= 1.4.6)
    diff-lcs (1.1.3)
    gherkin (2.11.1)
      json (>= 1.4.6)
    git (1.2.5)
    jeweler (1.8.4)
      bundler (~> 1.0)
      git (>= 1.2.5)
      rake
      rdoc
    json (1.7.3)
    linecache19 (0.5.12)
      ruby_core_source (>= 0.1.4)
    metaclass (0.0.1)
    mhennemeyer-output_catcher (1.0.1)
    mocha (0.12.0)
      metaclass (~> 0.0.1)
    multi_json (1.3.6)
    rake (0.9.2.2)
    rdoc (3.12)
      json (~> 1.4)
    redgreen (1.2.2)
    rr (1.0.4)
    ruby-debug-base19 (0.11.25)
      columnize (>= 0.3.1)
      linecache19 (>= 0.5.11)
      ruby_core_source (>= 0.1.4)
    ruby-debug19 (0.11.6)
      columnize (>= 0.3.1)
      linecache19 (>= 0.5.11)
      ruby-debug-base19 (>= 0.11.19)
    ruby_core_source (0.1.5)
      archive-tar-minitar (>= 0.5.2)
    savon (0.7.9)
      builder (>= 2.1.2)
      crack (>= 0.1.4)
    shoulda (3.0.1)
      shoulda-context (~> 1.0.0)
      shoulda-matchers (~> 1.0.0)
    shoulda-context (1.0.0)
    shoulda-matchers (1.0.0)
    simplecov (0.6.4)
      multi_json (~> 1.0)
      simplecov-html (~> 0.5.3)
    simplecov-html (0.5.3)
    test-construct (1.2.0)
    thoughtbot-shoulda (2.11.1)
    timecop (0.3.5)
    yard (0.6.8)

PLATFORMS
  ruby

DEPENDENCIES
  activesupport (~> 2.3.5)
  bluecloth
  cucumber
  jeweler
  mhennemeyer-output_catcher
  mocha
  rake
  redgreen
  rr
  ruby-debug19
  savon (= 0.7.9)
  shoulda
  simplecov
  test-construct
  thoughtbot-shoulda
  timecop
  yard (~> 0.6.0)
