GEM
  remote: http://rubygems.org/
  remote: http://gems.github.com/
  specs:
    activesupport (2.3.9)
    bluecloth (2.0.9)
    builder (2.1.2)
    columnize (0.3.1)
    crack (0.1.8)
    cucumber (0.9.2)
      builder (~> 2.1.2)
      diff-lcs (~> 1.1.2)
      gherkin (~> 2.2.5)
      json (~> 1.4.6)
      term-ansicolor (~> 1.0.5)
    diff-lcs (1.1.2)
    gemcutter (0.6.1)
    gherkin (2.2.8)
      json (~> 1.4.6)
      term-ansicolor (~> 1.0.5)
    git (1.2.5)
    jeweler (1.4.0)
      gemcutter (>= 0.1.0)
      git (>= 1.2.5)
      rubyforge (>= 2.0.0)
    json (1.4.6)
    json_pure (1.4.6)
    linecache (0.43)
    mhennemeyer-output_catcher (1.0.1)
    mocha (0.9.8)
      rake
    rake (0.8.7)
    rcov (0.9.9)
    redgreen (1.2.2)
    rr (1.0.0)
    ruby-debug (0.10.3)
      columnize (>= 0.1)
      ruby-debug-base (~> 0.10.3.0)
    ruby-debug-base (0.10.3)
      linecache (>= 0.3)
    rubyforge (2.0.4)
      json_pure (>= 1.1.7)
    savon (0.7.9)
      builder (>= 2.1.2)
      crack (>= 0.1.4)
    shoulda (2.11.3)
    term-ansicolor (1.0.5)
    test-construct (1.2.0)
    thoughtbot-shoulda (2.11.1)
    timecop (0.3.5)
    yard (0.6.1)

PLATFORMS
  ruby

DEPENDENCIES
  activesupport (~> 2.3.5)
  bluecloth
  bundler (~> 1.0.0)
  cucumber
  jeweler
  mhennemeyer-output_catcher
  mocha
  rake
  rcov
  redgreen
  rr
  ruby-debug
  savon
  shoulda
  test-construct
  thoughtbot-shoulda
  timecop
  yard (~> 0.6.0)
